GEM
  remote: https://rubygems.org/
  specs:
    httparty (0.21.0)
      mini_mime (>= 1.0.0)
      multi_xml (>= 0.5.2)
    mini_mime (1.1.2)
    multi_xml (0.6.0)
    rubyzip (2.3.2)

PLATFORMS
  x86_64-darwin-21

DEPENDENCIES
  httparty
  rubyzip

BUNDLED WITH
   2.4.10
